GEM
  remote: https://rubygems.org/
  specs:
    byebug (11.1.3)
    must_be (1.1.0)
    power_assert (2.0.3)
    ruby-prof (1.6.1)
    test-unit (3.5.7)
      power_assert

PLATFORMS
  x86_64-darwin-19

DEPENDENCIES
  byebug
  must_be
  ruby-prof
  test-unit

BUNDLED WITH
   2.3.9
